GIT
  remote: git://github.com/jonbramble/serialbox.git
  revision: b426695058f3c357ea7605c0ae6272aa3b3232dd
  specs:
    serialbox (0.0.1)
      serialport (~> 1.3, >= 1.3.0)
      thor (~> 0.19, >= 0.19.1)
      timers (~> 3.0.0)

GEM
  specs:
    hitimes (1.2.1)
    serialport (1.3.0)
    thor (0.19.1)
    timers (3.0.0)
      hitimes

PLATFORMS
  ruby

DEPENDENCIES
  serialbox!
